GEM
  remote: https://rubygems.org/
  specs:
    colorize (1.1.0)
    terminal-table (3.0.2)
      unicode-display_width (>= 1.1.1, < 3)
    unicode-display_width (2.5.0)

PLATFORMS
  arm64-darwin-22

DEPENDENCIES
  colorize
  terminal-table

BUNDLED WITH
   2.4.5
